GEM
  remote: https://rubygems.org/
  specs:
    mini_portile2 (2.5.1)
    nokogiri (1.11.4)
      mini_portile2 (~> 2.5.0)
      racc (~> 1.4)
    racc (1.5.2)
    rb-scpt (1.0.2)
    unidecoder (1.1.2)

PLATFORMS
  ruby

DEPENDENCIES
  nokogiri
  rb-scpt
  unidecoder

BUNDLED WITH
   1.15.4
